GEM
  remote: http://rubygems.org/
  specs:
    daemons (1.1.8)
    little-plugger (1.1.3)
    logging (1.7.2)
      little-plugger (>= 1.1.3)
    mustache (0.99.4)
    thrift (0.8.0)
    zk (1.6.4)
      logging (~> 1.7.2)
      zookeeper (~> 1.2.11)
    zookeeper (1.2.12)
      logging (~> 1.7.2)

PLATFORMS
  ruby

DEPENDENCIES
  daemons (= 1.1.8)
  mustache (= 0.99.4)
  thrift (= 0.8.0)
  zk (= 1.6.4)
